GEM
  remote: http://rubygems.org/
  specs:
    blockenspiel (0.4.3)
    git (1.2.5)
    hashie (1.2.0)
    jeweler (1.8.3)
      bundler (~> 1.0)
      git (>= 1.2.5)
      rake
      rdoc
    json (1.7.0)
    macaddr (1.5.0)
      systemu (>= 2.4.0)
    metaclass (0.0.1)
    minitest (2.12.1)
    mocha (0.11.3)
      metaclass (~> 0.0.1)
    multi_json (1.3.4)
    net-scp (1.0.4)
      net-ssh (>= 1.99.1)
    net-ssh (2.2.2)
    net-ssh-simple (1.5.4)
      blockenspiel (~> 0.4.3)
      hashie (>= 1.1.0)
      net-scp (~> 1.0.4)
      net-ssh (~> 2.2.1)
    rake (0.9.2.2)
    rdoc (3.12)
      json (~> 1.4)
    simplecov (0.6.2)
      multi_json (~> 1.3)
      simplecov-html (~> 0.5.3)
    simplecov-html (0.5.3)
    systemu (2.5.0)
    uuid (2.3.5)
      macaddr (~> 1.0)
    yard (0.8.0)

PLATFORMS
  ruby

DEPENDENCIES
  bundler (>= 1.1.3)
  hashie (>= 0.4.0)
  jeweler (>= 1.8.3)
  minitest (>= 2.12.1)
  mocha (>= 0.11.0)
  net-ssh-simple (>= 1.5.4)
  simplecov (>= 0.6.1)
  uuid (>= 2.3.5)
  yard (>= 0.7.5)
